GEM
  remote: https://rubygems.org/
  specs:
    artii (2.1.2)

PLATFORMS
  ruby

DEPENDENCIES
  artii

BUNDLED WITH
   1.12.4
